GEM
  remote: https://rubygems.org/
  specs:
    backports (3.3.5)
    diff-lcs (1.2.4)
    multi_json (1.8.2)
    rack (1.5.2)
    rack-protection (1.5.0)
      rack
    rack-test (0.6.2)
      rack (>= 1.0)
    rspec (2.14.1)
      rspec-core (~> 2.14.0)
      rspec-expectations (~> 2.14.0)
      rspec-mocks (~> 2.14.0)
    rspec-core (2.14.5)
    rspec-expectations (2.14.3)
      diff-lcs (>= 1.1.3, < 2.0)
    rspec-mocks (2.14.3)
    sinatra (1.4.3)
      rack (~> 1.4)
      rack-protection (~> 1.4)
      tilt (~> 1.3, >= 1.3.4)
    sinatra-config-file (1.0)
      sinatra-contrib
    sinatra-contrib (1.4.1)
      backports (>= 2.0)
      multi_json
      rack-protection
      rack-test
      sinatra (~> 1.4.0)
      tilt (~> 1.3)
    tilt (1.4.1)

PLATFORMS
  ruby

DEPENDENCIES
  rack-test
  rspec
  sinatra
  sinatra-config-file
